NUGET
  remote: https://www.nuget.org/api/v2
    FAKE (5.16)
    FSharp.Compiler.Service (38.0) - restriction: >= netstandard2.0
      FSharp.Core (5.0) - restriction: >= netstandard2.0
    FSharp.Core (5.0)
    FSharp.Data (3.3.3)
      FSharp.Core (>= 4.0.0.1) - restriction: >= net45
      FSharp.Core (>= 4.3.4) - restriction: && (< net45) (>= netstandard2.0)
    FSharp.Formatting (7.2.9)
      FSharp.Compiler.Service (>= 36.0.3) - restriction: >= netstandard2.0
    FsUnit (1.3.0.1)
      NUnit (>= 2.6.3)
    NuGet.CommandLine (5.7)
    NUnit (2.7.1)
    NUnit.Runners (2.7.1)
    Octokit (0.48)
    SourceLink.Fake (1.1)
GITHUB
  remote: fsharp/FAKE
    modules/Octokit/Octokit.fsx (a210a980b1d1e9db5ed4b77232f3faecacab6f16)
      Octokit (>= 0.20)
  remote: fsprojects/FSharp.TypeProviders.StarterPack
    src/ProvidedTypes.fs (1584152b527903e267f8f6f661c3c6f07659819e)
    src/ProvidedTypes.fsi (1584152b527903e267f8f6f661c3c6f07659819e)